GEM
  remote: http://rubygems.org/
  specs:
    ffi (1.9.25)
    jekyll-paginate (1.1.0)
    jekyll-toc (0.8.0)
      nokogiri (~> 1.7)
    jekyll-watch (2.1.2)
      listen (~> 3.0)
    kramdown (1.17.0)
    listen (3.1.5)
      rb-fsevent (~> 0.9, >= 0.9.4)
      rb-inotify (~> 0.9, >= 0.9.7)
      ruby_dep (~> 1.2)
    mini_portile2 (2.3.0)
    nokogiri (1.8.5)
      mini_portile2 (~> 2.3.0)
    rb-fsevent (0.10.3)
    rb-inotify (0.9.10)
      ffi (>= 0.5.0, < 2)
    ruby_dep (1.5.0)

PLATFORMS
  ruby

DEPENDENCIES
  jekyll-paginate
  jekyll-toc
  jekyll-watch
  kramdown

BUNDLED WITH
   1.16.6
